PATH
  remote: .
  specs:
    action_service (1.1.0)

GEM
  remote: https://rubygems.org/
  specs:

PLATFORMS
  ruby

DEPENDENCIES
  action_service!

BUNDLED WITH
   1.17.3
