PATH
  remote: .
  specs:
    action_service (1.2.0)

GEM
  remote: https://rubygems.org/
  specs:

PLATFORMS
  ruby

DEPENDENCIES
  action_service!

BUNDLED WITH
   2.1.4
